PATH
  remote: .
  specs:
    shortbus (0.1.0)
      rexml
      ruby-dbus

GEM
  remote: https://rubygems.org/
  specs:
    diff-lcs (1.3)
    rake (13.0.1)
    rexml (3.2.5)
    rspec (3.8.0)
      rspec-core (~> 3.8.0)
      rspec-expectations (~> 3.8.0)
      rspec-mocks (~> 3.8.0)
    rspec-core (3.8.0)
      rspec-support (~> 3.8.0)
    rspec-expectations (3.8.1)
      diff-lcs (>= 1.2.0, < 2.0)
      rspec-support (~> 3.8.0)
    rspec-mocks (3.8.0)
      diff-lcs (>= 1.2.0, < 2.0)
      rspec-support (~> 3.8.0)
    rspec-support (3.8.0)
    ruby-dbus (0.15.0)

PLATFORMS
  ruby

DEPENDENCIES
  bundler (~> 2)
  rake (~> 13.0)
  rspec (~> 3.0)
  shortbus!

BUNDLED WITH
   2.2.15
